GEM
  remote: http://rubygems.org/
  specs:
    json (1.7.5)
    sequel (3.42.0)
    sqlite3 (1.3.6)
    taglib2 (0.1.5)

PLATFORMS
  ruby

DEPENDENCIES
  json
  sequel
  sqlite3
  taglib2
