GEM
  remote: http://rubygems.org/
  specs:
    json (1.8.3)
    sequel (4.31.0)
    sqlite3 (1.3.11)
    taglib2 (0.1.5)

PLATFORMS
  ruby

DEPENDENCIES
  json
  sequel
  sqlite3
  taglib2

BUNDLED WITH
   1.10.6
